PATH
  remote: .
  specs:
    muflax (0.1.24)
      activesupport (~> 4)
      awesome_print
      chronic
      debug_inspector
      highline
      pry
      range_math
      trollop

GEM
  remote: https://rubygems.org/
  specs:
    activesupport (4.0.2)
      i18n (~> 0.6, >= 0.6.4)
      minitest (~> 4.2)
      multi_json (~> 1.3)
      thread_safe (~> 0.1)
      tzinfo (~> 0.3.37)
    atomic (1.1.14)
    awesome_print (1.2.0)
    chronic (0.10.2)
    coderay (1.1.0)
    debug_inspector (0.0.2)
    highline (1.6.20)
    i18n (0.6.9)
    method_source (0.8.2)
    minitest (4.7.5)
    multi_json (1.8.4)
    pry (0.9.12.6)
      coderay (~> 1.0)
      method_source (~> 0.8)
      slop (~> 3.4)
    rake (10.1.1)
    range_math (0.7.1)
    slop (3.4.7)
    thread_safe (0.1.3)
      atomic
    trollop (2.0)
    tzinfo (0.3.38)

PLATFORMS
  ruby

DEPENDENCIES
  muflax!
  rake
